GEM
  remote: https://rubygems.org/
  specs:
    asciidoctor (2.0.23)
    pygments.rb (3.0.0)

PLATFORMS
  arm64-darwin-23
  ruby

DEPENDENCIES
  asciidoctor (= 2.0.23)
  pygments.rb (= 3.0)

RUBY VERSION
   ruby 3.3.4p94

BUNDLED WITH
   2.5.11
